PATH
  remote: .
  specs:
    pinboard_rb (0.0.5)
      httparty (~> 0.8.3)

GEM
  remote: http://rubygems.org/
  specs:
    addressable (2.2.8)
    crack (0.3.1)
    diff-lcs (1.1.3)
    hashr (0.0.21)
    httparty (0.8.3)
      multi_json (~> 1.0)
      multi_xml
    multi_json (1.3.6)
    multi_xml (0.5.1)
    nyan-cat-formatter (0.0.6)
    rspec (2.10.0)
      rspec-core (~> 2.10.0)
      rspec-expectations (~> 2.10.0)
      rspec-mocks (~> 2.10.0)
    rspec-core (2.10.1)
    rspec-expectations (2.10.0)
      diff-lcs (~> 1.1.3)
    rspec-mocks (2.10.1)
    travis-lint (1.4.0)
      hashr (>= 0.0.19)
    webmock (1.8.7)
      addressable (>= 2.2.7)
      crack (>= 0.1.7)

PLATFORMS
  ruby

DEPENDENCIES
  nyan-cat-formatter (~> 0.0.6)
  pinboard_rb!
  rspec (~> 2.10.0)
  travis-lint (~> 1.4.0)
  webmock (~> 1.8.7)
